GEM
  remote: http://rubygems.org/
  specs:
    sqlite3 (1.3.13)
    terminal-table (1.8.0)
      unicode-display_width (~> 1.1, >= 1.1.1)
    unicode-display_width (1.2.1)

PLATFORMS
  ruby

DEPENDENCIES
  sqlite3
  terminal-table

BUNDLED WITH
   1.14.6
